GEM
  remote: https://rubygems.org/
  specs:
    ansi (1.5.0)
    hashie (5.0.0)
    itamae (1.12.2)
      ansi
      hashie
      schash (~> 0.1.0)
      specinfra (>= 2.64.0, < 3.0.0)
      thor
    itamae-plugin-resource-authorized_keys (0.1.0)
      itamae
    net-scp (3.0.0)
      net-ssh (>= 2.6.5, < 7.0.0)
    net-ssh (6.1.0)
    net-telnet (0.1.1)
    rufo (0.13.0)
    schash (0.1.2)
    sfl (2.3)
    specinfra (2.83.1)
      net-scp
      net-ssh (>= 2.7)
      net-telnet (= 0.1.1)
      sfl
    thor (1.1.0)

PLATFORMS
  ruby

DEPENDENCIES
  itamae
  itamae-plugin-resource-authorized_keys
  rufo

RUBY VERSION
   ruby 2.6.3p62

BUNDLED WITH
   1.17.2
